GEM
  remote: http://rubygems.org/
  specs:
    ZenTest (4.7.0)
    diff-lcs (1.1.3)
    git (1.2.5)
    jeweler (1.8.3)
      bundler (~> 1.0)
      git (>= 1.2.5)
      rake
      rdoc
    json (1.6.5)
    rake (0.9.2.2)
    rdoc (3.12)
      json (~> 1.4)
    rspec (2.9.0)
      rspec-core (~> 2.9.0)
      rspec-expectations (~> 2.9.0)
      rspec-mocks (~> 2.9.0)
    rspec-core (2.9.0)
    rspec-expectations (2.9.0)
      diff-lcs (~> 1.1.3)
    rspec-mocks (2.9.0)
    yard (0.7.5)

PLATFORMS
  ruby

DEPENDENCIES
  ZenTest (~> 4.7.0)
  bundler (~> 1.1.0)
  jeweler (~> 1.8.0)
  rspec (~> 2.9.0)
  yard (~> 0.7.5)
